GEM
  remote: https://rubygems.org/
  specs:
    aws-sdk (1.52.0)
      aws-sdk-v1 (= 1.52.0)
    aws-sdk-v1 (1.52.0)
      json (~> 1.4)
      nokogiri (>= 1.4.4)
    coderay (1.1.0)
    coffee-script (2.3.0)
      coffee-script-source
      execjs
    coffee-script-source (1.8.0)
    diffy (3.0.6)
    dslh (0.2.7)
    execjs (2.2.1)
    hashie (3.3.1)
    highline (1.6.21)
    json (1.8.1)
    json5 (0.0.1)
    kumogata (0.5.1)
      aws-sdk (>= 1.48.0, < 2.0.0)
      coderay
      coffee-script
      diffy
      dslh (>= 0.2.7)
      hashie
      highline
      json
      json5
      net-ssh
      retryable
      term-ansicolor
      therubyracer
      uuidtools
    libv8 (3.16.14.5)
    mini_portile (0.6.0)
    net-ssh (2.9.1)
    nokogiri (1.6.3.1)
      mini_portile (= 0.6.0)
    ref (1.0.5)
    retryable (1.3.6)
    term-ansicolor (1.3.0)
      tins (~> 1.0)
    therubyracer (0.12.1)
      libv8 (~> 3.16.14.0)
      ref
    tins (1.3.2)
    uuidtools (2.1.5)

PLATFORMS
  ruby

DEPENDENCIES
  kumogata
